PATH
  remote: .
  specs:
    teachable (0.0.1)

GEM
  remote: https://rubygems.org/
  specs:
    minitest (5.14.0)
    rake (10.5.0)

PLATFORMS
  ruby

DEPENDENCIES
  bundler (~> 1.16)
  minitest (~> 5.0)
  rake (~> 10.0)
  teachable!

BUNDLED WITH
   1.16.1
