PATH
  remote: .
  specs:
    teachable (0.0.1)

GEM
  remote: https://rubygems.org/
  specs:
    minitest (5.14.0)
    rake (13.0.1)

PLATFORMS
  ruby

DEPENDENCIES
  bundler (~> 2.1.4)
  minitest (~> 5.14)
  rake (~> 13.0.1)
  teachable!

BUNDLED WITH
   2.1.4
